GEM
  remote: https://rubygems.org/
  specs:
    colorize (0.7.7)
    crack (0.4.2)
      safe_yaml (~> 1.0.0)
    daemons (1.2.2)
    diff-lcs (1.2.5)
    eventmachine (1.0.7)
    faraday (0.9.1)
      multipart-post (>= 1.2, < 3)
    git (1.2.9.1)
    jasmine (2.3.0)
      jasmine-core (~> 2.3)
      phantomjs
      rack (>= 1.2.1)
      rake
    jasmine-core (2.3.4)
    learn-co (2.5.3)
      learn-config (>= 1.0.74)
      learn-doctor (>= 1.0.3)
      learn-generate (>= 1.0.14)
      learn-open (>= 1.1.52)
      learn-status (>= 1.0.1)
      learn-submit (>= 1.0.13)
      learn-test (>= 1.2.23)
      thor
    learn-config (1.0.74)
      learn-web (>= 1.1.0)
      netrc
    learn-doctor (1.0.3)
      colorize
      faraday (~> 0.9)
      learn-web (>= 1.1.0)
      netrc
    learn-generate (1.0.14)
    learn-open (1.1.52)
      git
      learn-web (>= 1.1.0)
      netrc
    learn-status (1.0.1)
      colorize
      learn-web (>= 1.2.0)
      netrc
    learn-submit (1.0.13)
      git (~> 1.2)
      learn-web (>= 1.1.0)
      netrc
    learn-test (1.2.23)
      crack
      faraday (~> 0.9)
      git (~> 1.2)
      jasmine
      netrc
      oj (~> 2.9)
      rspec (~> 3.0)
    learn-web (1.2.0)
      faraday (~> 0.9)
      oj (~> 2.9)
    multipart-post (2.0.0)
    netrc (0.10.3)
    oj (2.12.11)
    phantomjs (1.9.8.0)
    rack (1.6.0)
    rack-protection (1.5.3)
      rack
    rack-test (0.6.3)
      rack (>= 1.0)
    rake (10.4.2)
    rspec (3.2.0)
      rspec-core (~> 3.2.0)
      rspec-expectations (~> 3.2.0)
      rspec-mocks (~> 3.2.0)
    rspec-core (3.2.3)
      rspec-support (~> 3.2.0)
    rspec-expectations (3.2.1)
      diff-lcs (>= 1.2.0, < 2.0)
      rspec-support (~> 3.2.0)
    rspec-mocks (3.2.1)
      diff-lcs (>= 1.2.0, < 2.0)
      rspec-support (~> 3.2.0)
    rspec-support (3.2.2)
    safe_yaml (1.0.4)
    shotgun (0.9.1)
      rack (>= 1.0)
    sinatra (1.4.6)
      rack (~> 1.4)
      rack-protection (~> 1.4)
      tilt (>= 1.3, < 3)
    thin (1.6.3)
      daemons (~> 1.0, >= 1.0.9)
      eventmachine (~> 1.0)
      rack (~> 1.0)
    thor (0.19.1)
    tilt (2.0.1)

PLATFORMS
  ruby

DEPENDENCIES
  learn-co
  rack-test
  rspec
  shotgun
  sinatra
  thin

BUNDLED WITH
   1.10.6
